GEM
  remote: http://rubygems.org/
  specs:
    daemons (1.1.0)
    eventmachine (0.12.10)
    haml (3.0.18)
    json (1.4.6)
    pg (0.9.0)
    rack (1.2.1)
    rdiscount (1.6.5)
    sequel (3.15.0)
    shotgun (0.8)
      rack (>= 1.0)
    sinatra (1.0)
      rack (>= 1.0)
    sinatra-sequel (0.9.0)
      sequel (>= 3.2.0)
      sinatra (>= 0.9.4)
    sqlite3-ruby (1.3.1)
    thin (1.2.7)
      daemons (>= 1.0.9)
      eventmachine (>= 0.12.6)
      rack (>= 1.0.0)
    yui-compressor (0.9.1)

PLATFORMS
  ruby

DEPENDENCIES
  haml (>= 3)
  json
  pg
  rdiscount
  sequel
  shotgun
  sinatra (>= 1.0)
  sinatra-sequel
  sqlite3-ruby
  thin
  yui-compressor
